GEM
  remote: http://rubygems.org/
  specs:
    diff-lcs (1.1.3)
    facter (1.6.17)
    hiera (1.1.2)
      json_pure
    json (1.7.6)
    json_pure (1.7.6)
    librarian-puppet-maestrodev (0.9.7.4)
      json
      puppet
      thor (~> 0.15)
    metaclass (0.0.1)
    mocha (0.13.2)
      metaclass (~> 0.0.1)
    puppet (3.1.0)
      facter (~> 1.6)
      hiera (~> 1.0)
    puppet-lint (0.3.2)
    puppetlabs_spec_helper (0.4.0)
      mocha (>= 0.10.5)
      rake
      rspec (>= 2.9.0)
      rspec-puppet (>= 0.1.1)
    rake (10.0.3)
    rspec (2.12.0)
      rspec-core (~> 2.12.0)
      rspec-expectations (~> 2.12.0)
      rspec-mocks (~> 2.12.0)
    rspec-core (2.12.2)
    rspec-expectations (2.12.1)
      diff-lcs (~> 1.1.3)
    rspec-mocks (2.12.2)
    rspec-puppet (0.1.6)
      rspec
    ruby-augeas (0.4.1)
    thor (0.17.0)

PLATFORMS
  ruby

DEPENDENCIES
  facter
  librarian-puppet-maestrodev (~> 0.9.7)
  puppet (>= 2.7)
  puppet-lint
  puppetlabs_spec_helper (~> 0.4)
  ruby-augeas
